PATH
  remote: .
  specs:
    swagger (4.06.08)
      addressable (>= 2.2.4)
      json (>= 1.4.6)
      typhoeus (>= 0.2.1)

GEM
  remote: http://rubygems.org/
  specs:
    ZenTest (4.6.2)
    addressable (2.2.6)
    autotest (4.4.6)
      ZenTest (>= 4.4.1)
    autotest-fsevent (0.2.5)
      sys-uname
    autotest-growl (0.2.11)
    autotest-rails-pure (4.1.2)
    crack (0.3.1)
    diff-lcs (1.1.3)
    json (1.6.1)
    mime-types (1.16)
    rspec (2.8.0)
      rspec-core (~> 2.8.0)
      rspec-expectations (~> 2.8.0)
      rspec-mocks (~> 2.8.0)
    rspec-core (2.8.0)
    rspec-expectations (2.8.0)
      diff-lcs (~> 1.1.2)
    rspec-mocks (2.8.0)
    sys-uname (0.8.6)
    typhoeus (0.2.4)
      mime-types
      mime-types
    vcr (1.11.3)
    webmock (1.7.6)
      addressable (~> 2.2, > 2.2.5)
      crack (>= 0.1.7)

PLATFORMS
  ruby

DEPENDENCIES
  autotest
  autotest-fsevent
  autotest-growl
  autotest-rails-pure
  rspec (>= 2.5.0)
  swagger!
  vcr (>= 1.5.1)
  webmock (>= 1.6.2)
